GEM
  remote: https://rubygems.org/
  specs:
    minitest (5.14.4)
    ruby2d (0.9.5)

PLATFORMS
  x86_64-darwin-18

DEPENDENCIES
  minitest (~> 5.14, >= 5.14.4)
  ruby2d (~> 0.9.5)

BUNDLED WITH
   2.2.15
